PATH
  remote: .
  specs:
    frontend_api (0.1.0)
      sequel (~> 5.6.0)

GEM
  remote: https://rubygems.org/
  specs:
    addressable (2.5.2)
      public_suffix (>= 2.0.2, < 4.0)
    coderay (1.1.2)
    diff-lcs (1.3)
    json-schema (2.8.0)
      addressable (>= 2.4)
    json_matchers (0.7.3)
      json-schema (~> 2.7)
    method_source (0.9.0)
    mustermann (1.0.2)
    pry (0.11.3)
      coderay (~> 1.1.0)
      method_source (~> 0.9.0)
    public_suffix (3.0.2)
    rack (2.0.5)
    rack-protection (2.0.1)
      rack
    rack-test (0.8.3)
      rack (>= 1.0, < 3)
    rake (10.5.0)
    rspec (3.7.0)
      rspec-core (~> 3.7.0)
      rspec-expectations (~> 3.7.0)
      rspec-mocks (~> 3.7.0)
    rspec-core (3.7.1)
      rspec-support (~> 3.7.0)
    rspec-expectations (3.7.0)
      diff-lcs (>= 1.2.0, < 2.0)
      rspec-support (~> 3.7.0)
    rspec-mocks (3.7.0)
      diff-lcs (>= 1.2.0, < 2.0)
      rspec-support (~> 3.7.0)
    rspec-support (3.7.1)
    sequel (5.6.0)
    sinatra (2.0.1)
      mustermann (~> 1.0)
      rack (~> 2.0)
      rack-protection (= 2.0.1)
      tilt (~> 2.0)
    sqlite3 (1.3.13)
    tilt (2.0.8)

PLATFORMS
  ruby

DEPENDENCIES
  bundler (~> 1.16)
  frontend_api!
  json_matchers (~> 0.7.3)
  pry (~> 0.11.3)
  rack-test (~> 0.8.3)
  rake (~> 10.0)
  rspec (~> 3.0)
  sinatra (~> 2.0.1)
  sqlite3 (~> 1.3.13)

BUNDLED WITH
   1.16.1
